GEM
  remote: http://rubygems.org/
  specs:
    colorize (0.8.1)

PLATFORMS
  ruby

DEPENDENCIES
  colorize

RUBY VERSION
   ruby 2.6.6p146

BUNDLED WITH
   2.1.4
